GEM
  remote: http://rubygems.org/
  remote: http://localhost:8808/
  specs:
    builder (3.0.0)
    capybara (1.0.0)
      mime-types (>= 1.16)
      nokogiri (>= 1.3.3)
      rack (>= 1.0.0)
      rack-test (>= 0.5.4)
      selenium-webdriver (~> 0.2.0)
      xpath (~> 0.1.4)
    childprocess (0.1.9)
      ffi (~> 1.0.6)
    crack (0.1.8)
    cucumber (0.10.6)
      builder (>= 2.1.2)
      diff-lcs (>= 1.1.2)
      gherkin (~> 2.4.0)
      json (>= 1.4.6)
      term-ansicolor (>= 1.0.5)
    daemons (1.1.3)
    diff-lcs (1.1.2)
    eventmachine (1.0.0.beta.3)
    ffi (1.0.9)
    gherkin (2.4.0)
      json (>= 1.4.6)
    haml (3.1.2)
    httparty (0.7.8)
      crack (= 0.1.8)
    json (1.5.2)
    json_pure (1.5.2)
    macaddr (1.0.0)
    mime-types (1.16)
    nokogiri (1.4.5)
    rack (1.3.0)
    rack-test (0.6.0)
      rack (>= 1.0)
    rspec (2.6.0)
      rspec-core (~> 2.6.0)
      rspec-expectations (~> 2.6.0)
      rspec-mocks (~> 2.6.0)
    rspec-core (2.6.4)
    rspec-expectations (2.6.0)
      diff-lcs (~> 1.1.2)
    rspec-mocks (2.6.0)
    rubyzip (0.9.4)
    selenium-webdriver (0.2.1)
      childprocess (>= 0.1.7)
      ffi (>= 1.0.7)
      json_pure
      rubyzip
    sinatra (1.2.6)
      rack (~> 1.1)
      tilt (>= 1.2.2, < 2.0)
    term-ansicolor (1.0.5)
    thin (1.2.11)
      daemons (>= 1.0.9)
      eventmachine (>= 0.12.6)
      rack (>= 1.0.0)
    tilt (1.3.2)
    uuid (2.3.2)
      macaddr (~> 1.0)
    xpath (0.1.4)
      nokogiri (~> 1.3)

PLATFORMS
  ruby

DEPENDENCIES
  capybara
  cucumber
  eventmachine (= 1.0.0.beta.3)
  haml
  httparty
  rack-test
  rspec
  sinatra
  thin
  uuid
